PATH
  remote: .
  specs:
    blizzard_api (0.2.1)
      redis (~> 4.1, >= 4.1.0)

GEM
  remote: https://rubygems.org/
  specs:
    ast (2.4.0)
    dotenv (2.5.0)
    jaro_winkler (1.5.1)
    minitest (5.11.3)
    parallel (1.12.1)
    parser (2.5.3.0)
      ast (~> 2.4.0)
    powerpack (0.1.2)
    rainbow (3.0.0)
    rake (10.5.0)
    redis (4.1.0)
    rubocop (0.61.1)
      jaro_winkler (~> 1.5.1)
      parallel (~> 1.10)
      parser (>= 2.5, != 2.5.1.1)
      powerpack (~> 0.1)
      rainbow (>= 2.2.2, < 4.0)
      ruby-progressbar (~> 1.7)
      unicode-display_width (~> 1.4.0)
    ruby-progressbar (1.10.0)
    unicode-display_width (1.4.0)

PLATFORMS
  ruby

DEPENDENCIES
  blizzard_api!
  bundler (~> 1.16)
  dotenv (~> 2.5)
  minitest (~> 5.0)
  rake (~> 10.0)
  rubocop (~> 0.61)

BUNDLED WITH
   1.17.3
